GEM
  remote: https://rubygems.org/
  specs:
    actioncable (5.2.2.1)
      actionpack (= 5.2.2.1)
      nio4r (~> 2.0)
      websocket-driver (>= 0.6.1)
    actionmailer (5.2.2.1)
      actionpack (= 5.2.2.1)
      actionview (= 5.2.2.1)
      activejob (= 5.2.2.1)
      mail (~> 2.5, >= 2.5.4)
      rails-dom-testing (~> 2.0)
    actionpack (5.2.2.1)
      actionview (= 5.2.2.1)
      activesupport (= 5.2.2.1)
      rack (~> 2.0)
      rack-test (>= 0.6.3)
      rails-dom-testing (~> 2.0)
      rails-html-sanitizer (~> 1.0, >= 1.0.2)
    actionview (5.2.2.1)
      activesupport (= 5.2.2.1)
      builder (~> 3.1)
      erubi (~> 1.4)
      rails-dom-testing (~> 2.0)
      rails-html-sanitizer (~> 1.0, >= 1.0.3)
    activejob (5.2.2.1)
      activesupport (= 5.2.2.1)
      globalid (>= 0.3.6)
    activemodel (5.2.2.1)
      activesupport (= 5.2.2.1)
    activerecord (5.2.2.1)
      activemodel (= 5.2.2.1)
      activesupport (= 5.2.2.1)
      arel (>= 9.0)
    activestorage (5.2.2.1)
      actionpack (= 5.2.2.1)
      activerecord (= 5.2.2.1)
      marcel (~> 0.3.1)
    activesupport (5.2.2.1)
      concurrent-ruby (~> 1.0, >= 1.0.2)
      i18n (>= 0.7, < 2)
      minitest (~> 5.1)
      tzinfo (~> 1.1)
    annotate (2.7.5)
      activerecord (>= 3.2, < 7.0)
      rake (>= 10.4, < 13.0)
    arel (9.0.0)
    ast (2.4.0)
    awesome_print (1.8.0)
    bcrypt (3.1.11)
    better_errors (2.5.1)
      coderay (>= 1.0.0)
      erubi (>= 1.0.0)
      rack (>= 0.9.0)
    bindex (0.8.1)
    binding_of_caller (0.8.0)
      debug_inspector (>= 0.0.1)
    brakeman (4.6.1)
    builder (3.2.3)
    bullet (6.0.2)
      activesupport (>= 3.0.0)
      uniform_notifier (~> 1.11)
    bulma-rails (0.7.5)
      sassc (~> 2.0)
    byebug (11.0.1)
    code_analyzer (0.4.8)
      sexp_processor
    coderay (1.1.2)
    concurrent-ruby (1.1.5)
    crass (1.0.4)
    debase (0.2.4)
      debase-ruby_core_source (>= 0.10.2)
    debase-ruby_core_source (0.10.5)
    debug_inspector (0.0.3)
    diff-lcs (1.3)
    docile (1.3.2)
    erubi (1.8.0)
    erubis (2.7.0)
    execjs (2.7.0)
    ffi (1.11.1)
    globalid (0.4.2)
      activesupport (>= 4.2.0)
    gon (6.2.1)
      actionpack (>= 3.0)
      multi_json
      request_store (>= 1.0)
    i18n (1.6.0)
      concurrent-ruby (~> 1.0)
    jaro_winkler (1.5.3)
    jbuilder (2.9.1)
      activesupport (>= 4.2.0)
    jquery-rails (4.3.5)
      rails-dom-testing (>= 1, < 3)
      railties (>= 4.2.0)
      thor (>= 0.14, < 2.0)
    json (2.2.0)
    kaminari (1.1.1)
      activesupport (>= 4.1.0)
      kaminari-actionview (= 1.1.1)
      kaminari-activerecord (= 1.1.1)
      kaminari-core (= 1.1.1)
    kaminari-actionview (1.1.1)
      actionview
      kaminari-core (= 1.1.1)
    kaminari-activerecord (1.1.1)
      activerecord
      kaminari-core (= 1.1.1)
    kaminari-core (1.1.1)
    listen (3.0.8)
      rb-fsevent (~> 0.9, >= 0.9.4)
      rb-inotify (~> 0.9, >= 0.9.7)
    loofah (2.2.3)
      crass (~> 1.0.2)
      nokogiri (>= 1.5.9)
    mail (2.7.1)
      mini_mime (>= 0.1.1)
    marcel (0.3.3)
      mimemagic (~> 0.3.2)
    meta_request (0.7.2)
      rack-contrib (>= 1.1, < 3)
      railties (>= 3.0.0, < 7)
    method_source (0.9.2)
    mimemagic (0.3.3)
    mini_mime (1.0.2)
    mini_portile2 (2.4.0)
    minitest (5.11.3)
    multi_json (1.13.1)
    mysql2 (0.5.2)
    nio4r (2.4.0)
    nokogiri (1.10.4)
      mini_portile2 (~> 2.4.0)
    parallel (1.17.0)
    parser (2.6.3.0)
      ast (~> 2.4.0)
    polyamorous (2.3.0)
      activerecord (>= 5.0)
    powerpack (0.1.2)
    pry (0.12.2)
      coderay (~> 1.1.0)
      method_source (~> 0.9.0)
    pry-byebug (3.7.0)
      byebug (~> 11.0)
      pry (~> 0.10)
    pry-doc (0.13.5)
      pry (~> 0.11)
      yard (~> 0.9.11)
    pry-rails (0.3.9)
      pry (>= 0.10.4)
    pry-stack_explorer (0.4.9.3)
      binding_of_caller (>= 0.7)
      pry (>= 0.9.11)
    puma (4.3.1)
      nio4r (~> 2.0)
    rack (2.0.8)
    rack-contrib (2.1.0)
      rack (~> 2.0)
    rack-env_ribbon (0.2.1)
      rack
    rack-mini-profiler (1.0.2)
      rack (>= 1.2.0)
    rack-proxy (0.6.5)
      rack
    rack-test (1.1.0)
      rack (>= 1.0, < 3)
    rails (5.2.2.1)
      actioncable (= 5.2.2.1)
      actionmailer (= 5.2.2.1)
      actionpack (= 5.2.2.1)
      actionview (= 5.2.2.1)
      activejob (= 5.2.2.1)
      activemodel (= 5.2.2.1)
      activerecord (= 5.2.2.1)
      activestorage (= 5.2.2.1)
      activesupport (= 5.2.2.1)
      bundler (>= 1.3.0)
      railties (= 5.2.2.1)
      sprockets-rails (>= 2.0.0)
    rails-dom-testing (2.0.3)
      activesupport (>= 4.2.0)
      nokogiri (>= 1.6)
    rails-html-sanitizer (1.2.0)
      loofah (~> 2.2, >= 2.2.2)
    rails_best_practices (1.19.4)
      activesupport
      code_analyzer (>= 0.4.8)
      erubis
      i18n
      json
      require_all (~> 2.0)
      ruby-progressbar
    railties (5.2.2.1)
      actionpack (= 5.2.2.1)
      activesupport (= 5.2.2.1)
      method_source
      rake (>= 0.8.7)
      thor (>= 0.19.0, < 2.0)
    rainbow (3.0.0)
    rake (12.3.3)
    ransack (2.3.0)
      actionpack (>= 5.0)
      activerecord (>= 5.0)
      activesupport (>= 5.0)
      i18n
      polyamorous (= 2.3.0)
    rb-fsevent (0.10.3)
    rb-inotify (0.10.0)
      ffi (~> 1.0)
    request_store (1.4.1)
      rack (>= 1.4)
    require_all (2.0.0)
    rspec-core (3.8.2)
      rspec-support (~> 3.8.0)
    rspec-expectations (3.8.4)
      diff-lcs (>= 1.2.0, < 2.0)
      rspec-support (~> 3.8.0)
    rspec-mocks (3.8.1)
      diff-lcs (>= 1.2.0, < 2.0)
      rspec-support (~> 3.8.0)
    rspec-rails (3.8.2)
      actionpack (>= 3.0)
      activesupport (>= 3.0)
      railties (>= 3.0)
      rspec-core (~> 3.8.0)
      rspec-expectations (~> 3.8.0)
      rspec-mocks (~> 3.8.0)
      rspec-support (~> 3.8.0)
    rspec-support (3.8.2)
    rubocop (0.58.2)
      jaro_winkler (~> 1.5.1)
      parallel (~> 1.10)
      parser (>= 2.5, != 2.5.1.1)
      powerpack (~> 0.1)
      rainbow (>= 2.2.2, < 4.0)
      ruby-progressbar (~> 1.7)
      unicode-display_width (~> 1.0, >= 1.0.1)
    ruby-debug-ide (0.7.0)
      rake (>= 0.8.1)
    ruby-progressbar (1.10.1)
    sass (3.7.4)
      sass-listen (~> 4.0.0)
    sass-listen (4.0.0)
      rb-fsevent (~> 0.9, >= 0.9.4)
      rb-inotify (~> 0.9, >= 0.9.7)
    sass-rails (5.1.0)
      railties (>= 5.2.0)
      sass (~> 3.1)
      sprockets (>= 2.8, < 4.0)
      sprockets-rails (>= 2.0, < 4.0)
      tilt (>= 1.1, < 3)
    sassc (2.1.0)
      ffi (~> 1.9)
    sexp_processor (4.12.1)
    simplecov (0.17.0)
      docile (~> 1.1)
      json (>= 1.8, < 3)
      simplecov-html (~> 0.10.0)
    simplecov-html (0.10.2)
    slim (4.0.1)
      temple (>= 0.7.6, < 0.9)
      tilt (>= 2.0.6, < 2.1)
    slim-rails (3.2.0)
      actionpack (>= 3.1)
      railties (>= 3.1)
      slim (>= 3.0, < 5.0)
    spring (2.1.0)
    spring-watcher-listen (2.0.1)
      listen (>= 2.7, < 4.0)
      spring (>= 1.2, < 3.0)
    sprockets (3.7.2)
      concurrent-ruby (~> 1.0)
      rack (> 1, < 3)
    sprockets-rails (3.2.1)
      actionpack (>= 4.0)
      activesupport (>= 4.0)
      sprockets (>= 3.0.0)
    temple (0.8.1)
    thor (0.20.3)
    thread_safe (0.3.6)
    tilt (2.0.9)
    tzinfo (1.2.5)
      thread_safe (~> 0.1)
    uglifier (4.1.20)
      execjs (>= 0.3.0, < 3)
    unicode-display_width (1.6.0)
    uniform_notifier (1.12.1)
    web-console (3.7.0)
      actionview (>= 5.0)
      activemodel (>= 5.0)
      bindex (>= 0.4.0)
      railties (>= 5.0)
    webpacker (4.0.7)
      activesupport (>= 4.2)
      rack-proxy (>= 0.6.1)
      railties (>= 4.2)
    websocket-driver (0.7.1)
      websocket-extensions (>= 0.1.0)
    websocket-extensions (0.1.4)
    yaml_db (0.7.0)
      rails (>= 3.0)
      rake (>= 0.8.7)
    yard (0.9.20)

PLATFORMS
  ruby

DEPENDENCIES
  annotate
  awesome_print
  bcrypt (= 3.1.11)
  better_errors
  brakeman
  bullet
  bulma-rails
  byebug
  debase
  gon
  jbuilder (~> 2)
  jquery-rails
  kaminari
  listen (~> 3.0.5)
  meta_request
  mysql2 (~> 0.3)
  pry-byebug
  pry-doc (~> 0.13)
  pry-rails
  pry-stack_explorer
  puma (>= 3.12.2)
  rack-env_ribbon
  rack-mini-profiler
  rails (~> 5.2.2.1)
  rails_best_practices
  ransack
  rspec-rails (~> 3)
  rubocop (~> 0.58.2)
  ruby-debug-ide
  sass-rails (~> 5.0)
  simplecov
  slim-rails
  spring
  spring-watcher-listen (~> 2.0.0)
  uglifier (>= 1.3.0)
  web-console (>= 3.3.0)
  webpacker
  yaml_db

RUBY VERSION
   ruby 2.5.1p57

BUNDLED WITH
   1.17.1
